GEM
  remote: https://rubygems.org/
  specs:
    chunky_png (1.4.0)
    cmdparse (3.0.7)
    coderay (1.1.3)
    geom2d (0.4.1)
    hexapdf (1.3.0)
      cmdparse (~> 3.0, >= 3.0.3)
      geom2d (~> 0.4, >= 0.4.1)
      openssl (>= 2.2.1)
      strscan (>= 3.1.2)
    method_source (1.1.0)
    openssl (3.3.0)
    pry (0.15.2)
      coderay (~> 1.1)
      method_source (~> 1.0)
    rqrcode (3.1.0)
      chunky_png (~> 1.0)
      rqrcode_core (~> 2.0)
    rqrcode_core (2.0.0)
    strscan (3.1.5)
    thor (1.3.2)
    zeitwerk (2.7.3)

PLATFORMS
  arm64-darwin-23
  ruby

DEPENDENCIES
  hexapdf (~> 1.3)
  pry (~> 0.15.2)
  rqrcode (~> 3.1)
  thor (~> 1.3)
  zeitwerk (~> 2.7)

BUNDLED WITH
   2.6.6
